GEM
  specs:
    json (2.0.3)
    puma (3.6.2)
    rack (1.6.5)
    rack-protection (1.5.3)
      rack
    redis (3.3.2)
    redis-namespace (1.5.2)
      redis (~> 3.0, >= 3.0.4)
    sinatra (1.4.8)
      rack (~> 1.5)
      rack-protection (~> 1.4)
      tilt (>= 1.3, < 3)
    tilt (2.0.5)

PLATFORMS
  ruby

DEPENDENCIES
  json
  puma
  redis
  redis-namespace
  sinatra

BUNDLED WITH
   1.13.6
